GIT
  remote: https://github.com/livingsocial/rake-pipeline.git
  revision: ee992cbcda5172075062be035bcbef2cf1b0ff5d
  specs:
    rake-pipeline (0.8.0)
      json
      rake (~> 10.0.0)
      thor

GEM
  remote: https://rubygems.org/
  specs:
    chunky_png (1.2.7)
    compass (0.12.2)
      chunky_png (~> 1.2)
      fssm (>= 0.2.7)
      sass (~> 3.1)
    fssm (0.2.10)
    json (1.7.7)
    rack (1.5.2)
    rake (10.0.3)
    sass (3.2.6)
    thor (0.17.0)

PLATFORMS
  ruby

DEPENDENCIES
  compass
  json
  rack
  rake-pipeline!
